GIT
  remote: http://github.com/rubykube/vault-rails
  revision: bb17533fa56f051e01d40b180218f44262dd83df
  specs:
    vault-rails (0.5.0)
      rails (>= 4.1)
      vault (~> 0.5)

GEM
  remote: https://rubygems.org/
  specs:
    aasm (5.0.8)
      concurrent-ruby (~> 1.0)
    actioncable (5.2.4.3)
      actionpack (= 5.2.4.3)
      nio4r (~> 2.0)
      websocket-driver (>= 0.6.1)
    actionmailer (5.2.4.3)
      actionpack (= 5.2.4.3)
      actionview (= 5.2.4.3)
      activejob (= 5.2.4.3)
      mail (~> 2.5, >= 2.5.4)
      rails-dom-testing (~> 2.0)
    actionpack (5.2.4.3)
      actionview (= 5.2.4.3)
      activesupport (= 5.2.4.3)
      rack (~> 2.0, >= 2.0.8)
      rack-test (>= 0.6.3)
      rails-dom-testing (~> 2.0)
      rails-html-sanitizer (~> 1.0, >= 1.0.2)
    actionview (5.2.4.3)
      activesupport (= 5.2.4.3)
      builder (~> 3.1)
      erubi (~> 1.4)
      rails-dom-testing (~> 2.0)
      rails-html-sanitizer (~> 1.0, >= 1.0.3)
    activejob (5.2.4.3)
      activesupport (= 5.2.4.3)
      globalid (>= 0.3.6)
    activemodel (5.2.4.3)
      activesupport (= 5.2.4.3)
    activerecord (5.2.4.3)
      activemodel (= 5.2.4.3)
      activesupport (= 5.2.4.3)
      arel (>= 9.0)
    activestorage (5.2.4.3)
      actionpack (= 5.2.4.3)
      activerecord (= 5.2.4.3)
      marcel (~> 0.3.1)
    activesupport (5.2.4.3)
      concurrent-ruby (~> 1.0, >= 1.0.2)
      i18n (>= 0.7, < 2)
      minitest (~> 5.1)
      tzinfo (~> 1.1)
    addressable (2.7.0)
      public_suffix (>= 2.0.2, < 5.0)
    amq-protocol (2.3.1)
    amqp (1.8.0)
      amq-protocol (>= 2.2.0)
      eventmachine
    annotate (2.7.5)
      activerecord (>= 3.2, < 7.0)
      rake (>= 10.4, < 13.0)
    api-pagination (4.8.2)
    arel (9.0.0)
    arel-is-blank (1.0.0)
      arel (>= 6.0)
      arel-to-sql (~> 1.0)
    arel-to-sql (1.0.0)
      arel (>= 6.0)
    ast (2.4.1)
    autoprefixer-rails (9.8.4)
      execjs
    aws-eventstream (1.1.0)
    aws-sigv4 (1.2.1)
      aws-eventstream (~> 1, >= 1.0.2)
    axiom-types (0.1.1)
      descendants_tracker (~> 0.0.4)
      ice_nine (~> 0.11.0)
      thread_safe (~> 0.3, >= 0.3.1)
    base58 (0.2.3)
    better-faraday (1.0.8)
      activesupport (>= 4.0, < 6.0)
      faraday (~> 0.12)
    bootsnap (1.4.6)
      msgpack (~> 1.0)
    bootstrap (4.3.1)
      autoprefixer-rails (>= 9.1.0)
      popper_js (>= 1.14.3, < 2)
      sassc-rails (>= 2.0.0)
    builder (3.2.4)
    bullet (5.9.0)
      activesupport (>= 3.0.0)
      uniform_notifier (~> 1.11)
    bump (0.9.0)
    bunny (2.14.4)
      amq-protocol (~> 2.3, >= 2.3.0)
    byebug (11.1.3)
    cancancan (2.3.0)
    cash-addr (0.2.0)
      base58 (~> 0.2.2)
    clamp (1.3.1)
    clipboard-rails (1.7.1)
    coderay (1.1.3)
    coercible (1.0.0)
      descendants_tracker (~> 0.0.1)
    coffee-rails (4.2.2)
      coffee-script (>= 2.2.0)
      railties (>= 4.0.0)
    coffee-script (2.4.1)
      coffee-script-source
      execjs
    coffee-script-source (1.12.2)
    concurrent-ruby (1.1.6)
    connection_pool (2.2.3)
    crack (0.4.3)
      safe_yaml (~> 1.0.0)
    crass (1.0.6)
    database_cleaner (1.8.5)
    descendants_tracker (0.0.4)
      thread_safe (~> 0.3, >= 0.3.1)
    diff-lcs (1.4.2)
    digest-sha3 (1.1.0)
    easy_table (0.0.10)
      actionpack (> 4.2)
      activemodel (> 4.2)
      rubytree (~> 1.0)
    em-websocket (0.5.1)
      eventmachine (>= 0.12.9)
      http_parser.rb (~> 0.6.0)
    email_validator (1.6.0)
      activemodel
    enumerize (2.2.2)
      activesupport (>= 3.2)
    env-tweaks (1.0.0)
      activesupport (>= 3.0, < 6.0)
    equalizer (0.0.11)
    erubi (1.9.0)
    eventmachine (1.2.7)
    execjs (2.7.0)
    factory_bot (5.2.0)
      activesupport (>= 4.2.0)
    factory_bot_rails (5.2.0)
      factory_bot (~> 5.2.0)
      railties (>= 4.2.0)
    faker (1.9.6)
      i18n (>= 0.7)
    faraday (0.15.4)
      multipart-post (>= 1.2, < 3)
    ffi (1.13.1)
    figaro (1.1.1)
      thor (~> 0.14)
    font-awesome-sass (5.6.1)
      sassc (>= 1.11)
    globalid (0.4.2)
      activesupport (>= 4.2.0)
    god (0.13.7)
    grape (1.1.0)
      activesupport
      builder
      mustermann-grape (~> 1.0.0)
      rack (>= 1.3.0)
      rack-accept
      virtus (>= 1.0.0)
    grape-entity (0.7.1)
      activesupport (>= 4.0)
      multi_json (>= 1.3.2)
    grape-swagger (0.30.1)
      grape (>= 0.16.2)
    grape-swagger-entity (0.2.5)
      grape-entity (>= 0.5.0)
      grape-swagger (>= 0.20.4)
    grape-swagger-ui (2.2.8)
      railties (>= 3.1)
    grape_logging (1.8.3)
      grape
      rack
    grape_on_rails_routes (0.3.2)
      rails (>= 3.1.1)
    hashdiff (1.0.1)
    hashie (3.6.0)
    hiredis (0.6.3)
    http_parser.rb (0.6.0)
    i18n (1.8.3)
      concurrent-ruby (~> 1.0)
    ice_nine (0.11.2)
    jbuilder (2.7.0)
      activesupport (>= 4.2.0)
      multi_json (>= 1.2)
    jquery-rails (4.3.5)
      rails-dom-testing (>= 1, < 3)
      railties (>= 4.2.0)
      thor (>= 0.14, < 2.0)
    json (2.3.0)
    jwt (2.1.0)
    jwt-multisig (1.0.0)
      activesupport (>= 4.0, < 6.0)
      jwt (~> 2.1)
    kaminari (1.1.1)
      activesupport (>= 4.1.0)
      kaminari-actionview (= 1.1.1)
      kaminari-activerecord (= 1.1.1)
      kaminari-core (= 1.1.1)
    kaminari-actionview (1.1.1)
      actionview
      kaminari-core (= 1.1.1)
    kaminari-activerecord (1.1.1)
      activerecord
      kaminari-core (= 1.1.1)
    kaminari-core (1.1.1)
    libv8 (7.3.492.27.1)
    listen (3.1.5)
      rb-fsevent (~> 0.9, >= 0.9.4)
      rb-inotify (~> 0.9, >= 0.9.7)
      ruby_dep (~> 1.2)
    loofah (2.6.0)
      crass (~> 1.0.2)
      nokogiri (>= 1.5.9)
    mail (2.7.1)
      mini_mime (>= 0.1.1)
    marcel (0.3.3)
      mimemagic (~> 0.3.2)
    memoist (0.16.2)
    method-not-implemented (1.0.1)
    method_source (1.0.0)
    mimemagic (0.3.5)
    mini_mime (1.0.2)
    mini_portile2 (2.4.0)
    mini_racer (0.2.14)
      libv8 (> 7.3)
    minitest (5.14.1)
    mocha (1.11.2)
    msgpack (1.3.3)
    multi_json (1.14.1)
    multipart-post (2.1.1)
    mustermann (1.1.1)
      ruby2_keywords (~> 0.0.1)
    mustermann-grape (1.0.1)
      mustermann (>= 1.0.0)
    mysql2 (0.5.3)
    net-http-persistent (3.0.1)
      connection_pool (~> 2.2)
    nio4r (2.5.2)
    nokogiri (1.10.9)
      mini_portile2 (~> 2.4.0)
    parallel (1.19.2)
    parser (2.7.1.4)
      ast (~> 2.4.1)
    peatio (0.6.3)
      activemodel (> 5.2, <= 6.0.0)
      amqp
      bunny
      clamp
      em-websocket
      eventmachine
      jwt
      mysql2
    peatio-ardor (0.1.0)
    peatio-bitcoincash (0.1.1)
      activesupport (~> 5.2.3)
      better-faraday (~> 1.0.5)
      cash-addr (~> 0.2.0)
      faraday (~> 0.15.4)
      memoist (~> 0.16.0)
      net-http-persistent (~> 3.0.1)
      peatio (~> 0.6.3)
    peatio-dash (0.1.2)
      activesupport (~> 5.2.3)
      better-faraday (~> 1.0.5)
      faraday (~> 0.15.4)
      memoist (~> 0.16.0)
      net-http-persistent (~> 3.0.1)
      peatio (~> 0.6.3)
    peatio-dogecoin (0.2.56)
      activesupport (~> 5.2.3)
      better-faraday (~> 1.0.5)
      faraday (~> 0.15.4)
      memoist (~> 0.16.0)
      peatio (~> 0.6.1)
    peatio-litecoin (0.2.0)
      activesupport (~> 5.2.3)
      better-faraday (~> 1.0.5)
      faraday (~> 0.15.4)
      memoist (~> 0.16.0)
      peatio (~> 0.6.1)
    peatio-neo (0.1.0)
    peatio-ripple (0.1.2)
      activesupport (~> 5.2.3)
      better-faraday (~> 1.0.5)
      faraday (~> 0.15.4)
      memoist (~> 0.16.0)
      net-http-persistent (~> 3.0.1)
      peatio (~> 0.6.3)
    popper_js (1.16.0)
    pry (0.13.1)
      coderay (~> 1.1)
      method_source (~> 1.0)
    pry-byebug (3.9.0)
      byebug (~> 11.0)
      pry (~> 0.13.0)
    public_suffix (4.0.5)
    puma (3.12.6)
    rack (2.2.3)
    rack-accept (0.4.5)
      rack (>= 0.4)
    rack-attack (5.4.2)
      rack (>= 1.0, < 3)
    rack-cors (1.0.6)
      rack (>= 1.6.0)
    rack-test (1.1.0)
      rack (>= 1.0, < 3)
    rails (5.2.4.3)
      actioncable (= 5.2.4.3)
      actionmailer (= 5.2.4.3)
      actionpack (= 5.2.4.3)
      actionview (= 5.2.4.3)
      activejob (= 5.2.4.3)
      activemodel (= 5.2.4.3)
      activerecord (= 5.2.4.3)
      activestorage (= 5.2.4.3)
      activesupport (= 5.2.4.3)
      bundler (>= 1.3.0)
      railties (= 5.2.4.3)
      sprockets-rails (>= 2.0.0)
    rails-dom-testing (2.0.3)
      activesupport (>= 4.2.0)
      nokogiri (>= 1.6)
    rails-html-sanitizer (1.3.0)
      loofah (~> 2.3)
    railties (5.2.4.3)
      actionpack (= 5.2.4.3)
      activesupport (= 5.2.4.3)
      method_source
      rake (>= 0.8.7)
      thor (>= 0.19.0, < 2.0)
    rainbow (3.0.0)
    rake (12.3.3)
    ransack (2.1.1)
      actionpack (>= 5.0)
      activerecord (>= 5.0)
      activesupport (>= 5.0)
      i18n
    rb-fsevent (0.10.4)
    rb-inotify (0.10.1)
      ffi (~> 1.0)
    rbtree (0.4.2)
    redis (4.1.4)
    regexp_parser (1.7.1)
    rexml (3.2.4)
    rspec-core (3.9.2)
      rspec-support (~> 3.9.3)
    rspec-expectations (3.9.2)
      diff-lcs (>= 1.2.0, < 2.0)
      rspec-support (~> 3.9.0)
    rspec-mocks (3.9.1)
      diff-lcs (>= 1.2.0, < 2.0)
      rspec-support (~> 3.9.0)
    rspec-rails (3.9.1)
      actionpack (>= 3.0)
      activesupport (>= 3.0)
      railties (>= 3.0)
      rspec-core (~> 3.9.0)
      rspec-expectations (~> 3.9.0)
      rspec-mocks (~> 3.9.0)
      rspec-support (~> 3.9.0)
    rspec-retry (0.6.2)
      rspec-core (> 3.3)
    rspec-support (3.9.3)
    rubocop (0.86.0)
      parallel (~> 1.10)
      parser (>= 2.7.0.1)
      rainbow (>= 2.2.2, < 4.0)
      regexp_parser (>= 1.7)
      rexml
      rubocop-ast (>= 0.0.3, < 1.0)
      ruby-progressbar (~> 1.7)
      unicode-display_width (>= 1.4.0, < 2.0)
    rubocop-ast (0.0.3)
      parser (>= 2.7.0.1)
    rubocop-rspec (1.40.0)
      rubocop (>= 0.68.1)
    ruby-prof (0.17.0)
    ruby-progressbar (1.10.1)
    ruby2_keywords (0.0.2)
    ruby_dep (1.5.0)
    rubytree (1.0.0)
      json (~> 2.1)
      structured_warnings (~> 0.3)
    safe_yaml (1.0.5)
    sassc (2.4.0)
      ffi (~> 1.9)
    sassc-rails (2.1.2)
      railties (>= 4.0.0)
      sassc (>= 2.0)
      sprockets (> 3.0)
      sprockets-rails
      tilt
    scout_apm (2.6.8)
      parser
    sentry-raven (2.9.0)
      faraday (>= 0.7.6, < 1.0)
    sprockets (4.0.2)
      concurrent-ruby (~> 1.0)
      rack (> 1, < 3)
    sprockets-rails (3.2.1)
      actionpack (>= 4.0)
      activesupport (>= 4.0)
      sprockets (>= 3.0.0)
    structured_warnings (0.4.0)
    thor (0.20.3)
    thread_safe (0.3.6)
    tilt (2.0.10)
    timecop (0.9.1)
    tzinfo (1.2.7)
      thread_safe (~> 0.1)
    uglifier (4.1.20)
      execjs (>= 0.3.0, < 3)
    unicode-display_width (1.7.0)
    uniform_notifier (1.13.0)
    validate_url (1.0.11)
      activemodel (>= 3.0.0)
      public_suffix
    validates_lengths_from_database (0.7.0)
      activerecord (>= 3)
    vault (0.14.0)
      aws-sigv4
    virtus (1.0.5)
      axiom-types (~> 0.1)
      coercible (~> 1.0)
      descendants_tracker (~> 0.0, >= 0.0.3)
      equalizer (~> 0.0, >= 0.0.9)
    webmock (3.8.3)
      addressable (>= 2.3.6)
      crack (>= 0.3.2)
      hashdiff (>= 0.4.0, < 2.0.0)
    websocket-driver (0.7.2)
      websocket-extensions (>= 0.1.0)
    websocket-extensions (0.1.5)

PLATFORMS
  ruby

DEPENDENCIES
  aasm (~> 5.0.0)
  annotate (~> 2.7.4)
  api-pagination (~> 4.8.2)
  arel-is-blank (~> 1.0.0)
  better-faraday (~> 1.0.5)
  bootsnap (>= 1.1.0)
  bootstrap (~> 4.3.1)
  bullet (~> 5.9)
  bump (~> 0.7)
  bunny (~> 2.14.1)
  cancancan (~> 2.3.0)
  cash-addr (~> 0.2.0)
  clipboard-rails (~> 1.7.1)
  coffee-rails (~> 4.2.2)
  database_cleaner (~> 1.7)
  digest-sha3 (~> 1.1.0)
  easy_table (~> 0.0.10)
  email_validator (~> 1.6.0)
  enumerize (~> 2.2.2)
  env-tweaks (~> 1.0.0)
  factory_bot_rails (~> 5.0, >= 5.0.2)
  faker (~> 1.8)
  faraday (~> 0.15.4)
  figaro (~> 1.1.1)
  font-awesome-sass (~> 5.6.1)
  god (~> 0.13.7)
  grape (~> 1.1.0)
  grape-entity (~> 0.7.1)
  grape-swagger (~> 0.30.1)
  grape-swagger-entity (~> 0.2.5)
  grape-swagger-ui (~> 2.2.8)
  grape_logging (~> 1.8.0)
  grape_on_rails_routes (~> 0.3.2)
  hashie (~> 3.6.0)
  hiredis (~> 0.6.0)
  jbuilder (~> 2.7.0)
  jquery-rails (~> 4.3.5)
  jwt (~> 2.1.0)
  jwt-multisig (~> 1.0.0)
  kaminari (~> 1.1.1)
  listen (>= 3.0.5, < 3.2)
  memoist (~> 0.16.0)
  method-not-implemented (~> 1.0.1)
  mini_racer (~> 0.2.4)
  mocha (~> 1.8)
  mysql2 (~> 0.5.2)
  net-http-persistent (~> 3.0.1)
  peatio (~> 0.6.3)
  peatio-ardor (~> 0.1.0)
  peatio-bitcoincash (~> 0.1.1)
  peatio-dash (~> 0.1.2)
  peatio-dogecoin (~> 0.2.56)
  peatio-litecoin (~> 0.2.0)
  peatio-neo (~> 0.1.0)
  peatio-ripple (~> 0.1.2)
  pry-byebug (~> 3.7)
  puma (~> 3.12.0)
  rack-attack (~> 5.4.2)
  rack-cors (~> 1.0.2)
  rails (~> 5.2.3)
  ransack (~> 2.1.1)
  rbtree (~> 0.4.2)
  redis (~> 4.1.2)
  rspec-rails (~> 3.8, >= 3.8.2)
  rspec-retry (~> 0.6)
  rubocop-rspec (~> 1.32)
  ruby-prof (~> 0.17.0)
  sassc-rails (~> 2.1.2)
  scout_apm (~> 2.4)
  sentry-raven (~> 2.9.0)
  timecop (~> 0.9)
  uglifier (~> 4.1.20)
  validate_url (~> 1.0.4)
  validates_lengths_from_database (~> 0.7.0)
  vault (~> 0.12)
  vault-rails!
  webmock (~> 3.5)

RUBY VERSION
   ruby 2.6.5p114

BUNDLED WITH
   1.17.3
